GEM
  remote: https://rubygems.org/
  remote: https://rails-assets.org/
  specs:
    ast (2.4.0)
    better_errors (2.5.0)
      coderay (>= 1.0.0)
      erubi (>= 1.0.0)
      rack (>= 0.9.0)
    binding_of_caller (0.8.0)
      debug_inspector (>= 0.0.1)
    byebug (10.0.2)
    childprocess (0.9.0)
      ffi (~> 1.0, >= 1.0.11)
    coderay (1.1.2)
    coffee-script (2.4.1)
      coffee-script-source
      execjs
    coffee-script-source (1.12.2)
    concurrent-ruby (1.1.3)
    daemons (1.3.0)
    debug_inspector (0.0.3)
    erubi (1.7.1)
    eventmachine (1.2.7)
    execjs (2.7.0)
    ffi (1.9.25)
    haml (5.0.4)
      temple (>= 0.8.0)
      tilt
    iniparse (1.4.4)
    jaro_winkler (1.5.1)
    mail (2.7.1)
      mini_mime (>= 0.1.1)
    method_source (0.9.2)
    mini_mime (1.0.1)
    overcommit (0.46.0)
      childprocess (~> 0.6, >= 0.6.3)
      iniparse (~> 1.4)
    parallel (1.12.1)
    parser (2.5.3.0)
      ast (~> 2.4.0)
    pony (1.12)
      mail (>= 2.0)
    powerpack (0.1.2)
    pry (0.12.2)
      coderay (~> 1.1.0)
      method_source (~> 0.9.0)
    pry-byebug (3.6.0)
      byebug (~> 10.0)
      pry (~> 0.10)
    r18n-core (3.2.0)
    rack (1.6.12)
    rack-protection (1.5.5)
      rack
    rails-assets-bootstrap (4.1.3)
    rails-assets-jquery (3.3.1)
    rainbow (3.0.0)
    rake (11.3.0)
    rb-fsevent (0.10.3)
    rb-inotify (0.9.10)
      ffi (>= 0.5.0, < 2)
    rb-readline (0.5.5)
    rubocop (0.61.1)
      jaro_winkler (~> 1.5.1)
      parallel (~> 1.10)
      parser (>= 2.5, != 2.5.1.1)
      powerpack (~> 0.1)
      rainbow (>= 2.2.2, < 4.0)
      ruby-progressbar (~> 1.7)
      unicode-display_width (~> 1.4.0)
    ruby-progressbar (1.10.0)
    sass (3.7.2)
      sass-listen (~> 4.0.0)
    sass-listen (4.0.0)
      rb-fsevent (~> 0.9, >= 0.9.4)
      rb-inotify (~> 0.9, >= 0.9.7)
    sinatra (1.4.8)
      rack (~> 1.5)
      rack-protection (~> 1.4)
      tilt (>= 1.3, < 3)
    sinatra-asset-pipeline (1.0.2)
      coffee-script (~> 2.4)
      rake (~> 11.2)
      sass (~> 3.4)
      sinatra (~> 1.4)
      sprockets (~> 3.6)
      sprockets-helpers (~> 1.1)
    sinatra-partial (1.0.1)
      sinatra (>= 1.4)
    sinatra-r18n (3.2.0)
      r18n-core (= 3.2.0)
      sinatra (>= 1.3, < 3)
    sprockets (3.7.2)
      concurrent-ruby (~> 1.0)
      rack (> 1, < 3)
    sprockets-helpers (1.2.1)
      sprockets (>= 2.2)
    temple (0.8.0)
    thin (1.7.2)
      daemons (~> 1.0, >= 1.0.9)
      eventmachine (~> 1.0, >= 1.0.4)
      rack (>= 1, < 3)
    tilt (2.0.9)
    uglifier (4.1.20)
      execjs (>= 0.3.0, < 3)
    unicode-display_width (1.4.0)

PLATFORMS
  ruby

DEPENDENCIES
  better_errors
  binding_of_caller
  ffi (>= 1.9.24)
  haml
  overcommit
  pony
  pry
  pry-byebug
  rack (>= 1.6.11)
  rack-protection (~> 1.5.5)
  rails-assets-bootstrap!
  rails-assets-jquery!
  rb-readline
  rubocop
  sinatra
  sinatra-asset-pipeline (~> 1.0)
  sinatra-partial
  sinatra-r18n
  sprockets (>= 3.7.2)
  thin
  uglifier

BUNDLED WITH
   1.17.3
